GEM
  remote: http://rubygems.org/
  specs:
    gruff (0.5.1)
      rmagick
    parallel (1.5.1)
    rmagick (2.15.0)

PLATFORMS
  ruby

DEPENDENCIES
  gruff (= 0.5.1)
  parallel
  rmagick (= 2.15.0)
